GEM
  remote: https://rubygems.org/
  specs:
    aggregate (0.2.2)
    artifice (0.6)
      rack-test
    atomic (1.1.14)
    avl_tree (1.1.3)
    diff-lcs (1.2.4)
    dotenv (0.9.0)
    faraday (0.8.8)
      multipart-post (~> 1.2.0)
    hitimes (1.2.1)
    honeybadger (1.9.1)
      faraday
      json
    json (1.8.1)
    librato-metrics (1.1.1)
      aggregate (~> 0.2.2)
      faraday (~> 0.7)
      multi_json
    lock-smith (1.0.0)
    metriks (0.9.9.5)
      atomic (~> 1.0)
      avl_tree (~> 1.1.2)
      hitimes (~> 1.1)
    metriks-middleware (2.1.1)
      metriks (~> 0.9.9)
    multi_json (1.8.2)
    multipart-post (1.2.0)
    pg (0.17.0)
    puma (2.6.0)
      rack (>= 1.1, < 2.0)
    rack (1.5.2)
    rack-protection (1.5.1)
      rack
    rack-test (0.6.2)
      rack (>= 1.0)
    rake (10.1.0)
    rr (1.1.2)
    rspec-core (2.14.6)
    rspec-expectations (2.14.3)
      diff-lcs (>= 1.1.3, < 2.0)
    rspec-mocks (2.14.4)
    sequel (4.3.0)
    sequel_pg (1.6.8)
      pg (>= 0.8.0)
      sequel (>= 3.39.0)
    sinatra (1.4.4)
      rack (~> 1.4)
      rack-protection (~> 1.4)
      tilt (~> 1.3, >= 1.3.4)
    tilt (1.4.1)

PLATFORMS
  ruby

DEPENDENCIES
  artifice
  dotenv
  honeybadger
  librato-metrics
  lock-smith
  metriks
  metriks-middleware
  pg
  puma
  rack-test
  rake
  rr
  rspec-core
  rspec-expectations
  rspec-mocks
  sequel
  sequel_pg
  sinatra
